PATH
  remote: .
  specs:
    knock_knock (0.1.0)
      PriorityQueue (~> 0.1.2)
      dry-configurable (~> 0.7.0)

GEM
  remote: https://rubygems.org/
  specs:
    PriorityQueue (0.1.2)
    concurrent-ruby (1.1.3)
    diff-lcs (1.3)
    dry-configurable (0.7.0)
      concurrent-ruby (~> 1.0)
    rake (10.5.0)
    rspec (3.8.0)
      rspec-core (~> 3.8.0)
      rspec-expectations (~> 3.8.0)
      rspec-mocks (~> 3.8.0)
    rspec-core (3.8.0)
      rspec-support (~> 3.8.0)
    rspec-expectations (3.8.2)
      diff-lcs (>= 1.2.0, < 2.0)
      rspec-support (~> 3.8.0)
    rspec-mocks (3.8.0)
      diff-lcs (>= 1.2.0, < 2.0)
      rspec-support (~> 3.8.0)
    rspec-support (3.8.0)
    timecop (0.9.1)

PLATFORMS
  ruby

DEPENDENCIES
  bundler (~> 1.16)
  knock_knock!
  rake (~> 10.0)
  rspec (~> 3.0)
  timecop (= 0.9.1)

BUNDLED WITH
   1.16.4
